GEM
  remote: https://rubygems.org/
  specs:
    addressable (2.3.6)
    arachni (1.4)
      addressable (= 2.3.6)
      arachni-rpc (= 0.2.1.3)
      awesome_print
      bundler
      childprocess (= 0.5.3)
      coderay (= 1.1.0)
      concurrent-ruby (= 1.0.0)
      concurrent-ruby-ext (= 1.0.0)
      http_parser.rb
      kramdown (= 1.4.1)
      loofah (~> 2.0.0)
      msgpack (= 0.7.0)
      nokogiri (= 1.6.8rc2)
      oj (~> 2.14.3)
      oj_mimic_json
      pony (= 1.8)
      puma (= 2.14.0)
      rack
      rb-readline (= 0.5.1)
      rubyzip (= 1.1.6)
      sinatra (= 1.4.6)
      sinatra-contrib (= 1.4.6)
      terminal-table (= 1.4.5)
      typhoeus (= 1.0.1)
      watir-webdriver (= 0.8.0)
    arachni-reactor (0.1.1)
    arachni-rpc (0.2.1.3)
      arachni-reactor (= 0.1.1)
    awesome_print (1.7.0)
    backports (3.6.8)
    childprocess (0.5.3)
      ffi (~> 1.0, >= 1.0.11)
    coderay (1.1.0)
    concurrent-ruby (1.0.0)
    concurrent-ruby-ext (1.0.0)
      concurrent-ruby (~> 1.0.0)
    ethon (0.9.1)
      ffi (>= 1.3.0)
    ffi (1.9.14)
    http_parser.rb (0.6.0)
    kramdown (1.4.1)
    loofah (2.0.3)
      nokogiri (>= 1.5.9)
    mail (2.6.4)
      mime-types (>= 1.16, < 4)
    mime-types (3.1)
      mime-types-data (~> 3.2015)
    mime-types-data (3.2016.0521)
    mini_portile2 (2.1.0)
    msgpack (0.7.0)
    multi_json (1.12.1)
    nokogiri (1.6.8.rc2)
      mini_portile2 (~> 2.1.0)
    oj (2.14.6)
    oj_mimic_json (1.0.1)
    pony (1.8)
      mail (>= 2.0)
    puma (2.14.0)
    rack (1.6.5)
    rack-protection (1.5.3)
      rack
    rack-test (0.6.3)
      rack (>= 1.0)
    rb-readline (0.5.1)
    rubyzip (1.1.6)
    selenium-webdriver (3.0.3)
      childprocess (~> 0.5)
      rubyzip (~> 1.0)
      websocket (~> 1.0)
    sinatra (1.4.6)
      rack (~> 1.4)
      rack-protection (~> 1.4)
      tilt (>= 1.3, < 3)
    sinatra-contrib (1.4.6)
      backports (>= 2.0)
      multi_json
      rack-protection
      rack-test
      sinatra (~> 1.4.0)
      tilt (>= 1.3, < 3)
    terminal-table (1.4.5)
    tilt (2.0.5)
    typhoeus (1.0.1)
      ethon (>= 0.8.0)
    watir-webdriver (0.8.0)
      selenium-webdriver (>= 2.46.2)
    websocket (1.2.3)

PLATFORMS
  ruby

DEPENDENCIES
  arachni

BUNDLED WITH
   1.13.6
